GEM
  remote: https://rubygems.org/
  specs:
    httpclient (2.5.2)

PLATFORMS
  ruby

DEPENDENCIES
  httpclient (= 2.5.2)
